GEM
  remote: http://rubygems.org/
  specs:
    childprocess (3.0.0)
    diff-lcs (1.3)
    hash-deep-merge (0.1.1)
    rake (12.3.1)
    rspec (3.8.0)
      rspec-core (~> 3.8.0)
      rspec-expectations (~> 3.8.0)
      rspec-mocks (~> 3.8.0)
    rspec-core (3.8.0)
      rspec-support (~> 3.8.0)
    rspec-expectations (3.8.2)
      diff-lcs (>= 1.2.0, < 2.0)
      rspec-support (~> 3.8.0)
    rspec-mocks (3.8.0)
      diff-lcs (>= 1.2.0, < 2.0)
      rspec-support (~> 3.8.0)
    rspec-support (3.8.0)
    rubyzip (2.0.0)
    selenium-webdriver (3.142.6)
      childprocess (>= 0.5, < 4.0)
      rubyzip (>= 1.2.2)

PLATFORMS
  ruby
  x64-mingw32

DEPENDENCIES
  hash-deep-merge (= 0.1.1)
  rake (= 12.3.1)
  rspec (= 3.8.0)
  selenium-webdriver (= 3.142.6)

BUNDLED WITH
   2.1.4
